PATH
  remote: .
  specs:
    resque_spec (0.2.1)
      resque (>= 1.6.0)
      rspec (~> 1.3.0)

GEM
  remote: http://rubygems.org/
  specs:
    json (1.4.6)
    rack (1.2.1)
    redis (2.1.1)
    redis-namespace (0.10.0)
      redis (< 3.0.0)
    resque (1.13.0)
      json (~> 1.4.6)
      redis-namespace (>= 0.10.0)
      sinatra (>= 0.9.2)
      vegas (~> 0.1.2)
    rspec (1.3.1)
    sinatra (1.2.0)
      rack (~> 1.1)
      tilt (< 2.0, >= 1.2.2)
    tilt (1.2.2)
    vegas (0.1.8)
      rack (>= 1.0.0)

PLATFORMS
  ruby

DEPENDENCIES
  resque_spec!
